GEM
  remote: http://rubygems.org/
  specs:
    hologram (1.4.0)
      redcarpet (>= 2.2, < 4.0)
      rouge (>= 1.5)
    redcarpet (3.4.0)
    rouge (3.1.1)

PLATFORMS
  ruby

DEPENDENCIES
  hologram

BUNDLED WITH
   1.16.0
